GEM
  remote: https://rubygems.org/
  specs:
    bcrypt (3.1.11)
    daemons (1.2.4)
    eventmachine (1.2.0.1)
    jeremyevans-postgres-pr (0.6.6)
    rack (1.6.4)
    rack-mount (0.8.3)
      rack (>= 1.0.0)
    rack-protection (1.5.3)
      rack
    sequel (4.39.0)
    sinatra (1.4.7)
      rack (~> 1.5)
      rack-protection (~> 1.4)
      tilt (>= 1.3, < 3)
    thin (1.7.0)
      daemons (~> 1.0, >= 1.0.9)
      eventmachine (~> 1.0, >= 1.0.4)
      rack (>= 1, < 3)
    tilt (2.0.5)

PLATFORMS
  ruby

DEPENDENCIES
  bcrypt (~> 3.1, >= 3.1.11)
  jeremyevans-postgres-pr (~> 0.6.6)
  rack-mount (~> 0.8.3)
  sequel (~> 4.38)
  sinatra (~> 1.4.7)
  thin (~> 1.6)

BUNDLED WITH
   1.12.5
